GEM
  remote: https://rubygems.org/
  specs:
    ast (2.4.2)
    ed25519 (1.3.0)
    faraday (2.7.2)
      faraday-net_http (>= 2.0, < 3.1)
      ruby2_keywords (>= 0.0.4)
    faraday-mashify (0.1.1)
      faraday (~> 2.0)
      hashie
    faraday-multipart (1.0.4)
      multipart-post (~> 2)
    faraday-net_http (3.0.2)
    ffi (1.15.5)
    gli (2.21.0)
    hashie (5.0.0)
    hikidoc (0.1.0)
    json (2.6.3)
    kramdown (2.4.0)
      rexml
    language_server-protocol (3.17.0.2)
    mina (1.2.4)
      open4 (~> 1.3.4)
      rake
    multipart-post (2.2.3)
    net-scp (4.0.0)
      net-ssh (>= 2.6.5, < 8.0.0)
    net-ssh (7.0.1)
    open4 (1.3.4)
    parallel (1.22.1)
    parser (3.1.3.0)
      ast (~> 2.4.1)
    rainbow (3.1.1)
    rake (13.0.6)
    regexp_parser (2.6.1)
    rexml (3.2.5)
    rubocop (1.40.0)
      json (~> 2.3)
      parallel (~> 1.10)
      parser (>= 3.1.2.1)
      rainbow (>= 2.2.2, < 4.0)
      regexp_parser (>= 1.8, < 3.0)
      rexml (>= 3.2.5, < 4.0)
      rubocop-ast (>= 1.23.0, < 2.0)
      ruby-progressbar (~> 1.7)
      unicode-display_width (>= 1.4.0, < 3.0)
    rubocop-ast (1.24.0)
      parser (>= 3.1.1.0)
    rubocop-performance (1.15.1)
      rubocop (>= 1.7.0, < 2.0)
      rubocop-ast (>= 0.4.0)
    ruby-progressbar (1.11.0)
    ruby2_keywords (0.0.5)
    sassc (2.4.0)
      ffi (~> 1.9)
    slack-ruby-client (2.0.0)
      faraday (>= 2.0)
      faraday-mashify
      faraday-multipart
      gli
      hashie
      websocket-driver
    standard (1.20.0)
      language_server-protocol (~> 3.17.0.2)
      rubocop (= 1.40.0)
      rubocop-performance (= 1.15.1)
    unicode-display_width (2.3.0)
    websocket-driver (0.7.5)
      websocket-extensions (>= 0.1.0)
    websocket-extensions (0.1.5)

PLATFORMS
  arm64-darwin-21
  arm64-darwin-22
  x86_64-darwin-20
  x86_64-darwin-21
  x86_64-linux

DEPENDENCIES
  ed25519
  hikidoc
  kramdown
  mina
  net-scp
  parallel (~> 1.17)
  rake
  sassc
  slack-ruby-client (~> 2.0.0)
  standard

BUNDLED WITH
   2.4.0.dev
