GEM
  remote: https://rubygems.org/
  specs:
    ast (2.4.0)
    bcrypt_pbkdf (1.0.1)
    ed25519 (1.2.4)
    ffi (1.13.1)
    hikidoc (0.1.0)
    jaro_winkler (1.5.3)
    kramdown (2.3.0)
      rexml
    mina (1.2.3)
      open4 (~> 1.3.4)
      rake
    net-scp (3.0.0)
      net-ssh (>= 2.6.5, < 7.0.0)
    net-ssh (6.1.0)
    open4 (1.3.4)
    parallel (1.17.0)
    parser (2.6.3.0)
      ast (~> 2.4.0)
    rainbow (3.0.0)
    rake (13.0.1)
    rbnacl (7.1.1)
      ffi
    rbnacl-libsodium (1.0.16)
      rbnacl (>= 3.0.1)
    rexml (3.2.4)
    rubocop (0.72.0)
      jaro_winkler (~> 1.5.1)
      parallel (~> 1.10)
      parser (>= 2.6)
      rainbow (>= 2.2.2, < 4.0)
      ruby-progressbar (~> 1.7)
      unicode-display_width (>= 1.4.0, < 1.7)
    rubocop-performance (1.4.1)
      rubocop (>= 0.71.0)
    ruby-progressbar (1.10.1)
    sassc (2.4.0)
      ffi (~> 1.9)
    standard (0.1.2)
      rubocop (~> 0.72.0)
      rubocop-performance (~> 1.4.0)
    unicode-display_width (1.6.0)

PLATFORMS
  ruby

DEPENDENCIES
  bcrypt_pbkdf
  ed25519
  hikidoc
  kramdown
  mina
  net-scp
  rake
  rbnacl (< 8.0)
  rbnacl-libsodium
  sassc
  standard

BUNDLED WITH
   2.3.0.dev
