GEM
  remote: http://rubygems.org/
  specs:
    addressable (2.2.6)
    coderay (1.1.3)
    coffee-script (2.2.0)
      coffee-script-source
      execjs
    coffee-script-source (1.1.2)
    em-websocket (0.3.1)
      addressable (>= 2.1.1)
      eventmachine (>= 0.12.9)
    eventmachine (0.12.10)
    execjs (1.2.4)
      multi_json (~> 1.0)
    formatador (1.2.0)
      reline
    growl_notify (0.0.1)
      rb-appscript
    guard (1.7.0)
      formatador (>= 0.2.4)
      listen (>= 0.6.0)
      lumberjack (>= 1.0.2)
      pry (>= 0.9.10)
      thor (>= 0.14.6)
    guard-bundler (0.1.3)
      bundler (>= 1.0.0)
      guard (>= 0.2.2)
    guard-coffeescript (0.3.2)
      coffee-script (>= 2.2.0)
      guard (>= 0.4)
    guard-livereload (0.3.0)
      em-websocket (>= 0.2.0)
      guard (>= 0.4.0)
      multi_json (~> 1.0.3)
    io-console (0.8.1)
    listen (0.7.3)
    lumberjack (1.4.0)
    method_source (1.1.0)
    multi_json (1.0.3)
    pry (0.15.2)
      coderay (~> 1.1)
      method_source (~> 1.0)
    rb-appscript (0.6.1)
    rb-fsevent (0.4.3)
    reline (0.6.2)
      io-console (~> 0.5)
    thor (1.4.0)

PLATFORMS
  ruby

DEPENDENCIES
  growl_notify
  guard-bundler
  guard-coffeescript
  guard-livereload
  rb-fsevent
