GEM
  remote: https://rubygems.org/
  specs:
    ansi (1.4.3)
    hashie (3.3.1)
    itamae (1.0.4)
      ansi
      hashie
      specinfra (~> 2.1.0)
      thor
    net-scp (1.2.1)
      net-ssh (>= 2.6.5)
    net-ssh (2.9.1)
    specinfra (2.1.1)
      net-scp
      net-ssh
    thor (0.19.1)

PLATFORMS
  ruby

DEPENDENCIES
  itamae
