GEM
  remote: https://rubygems.org/
  specs:
    facter (1.6.18)
    hiera (1.1.2)
      json_pure
    json_pure (1.7.7)
    mina (0.2.1)
      open4
      rake
    open4 (1.3.0)
    pit (0.0.7)
    puppet (3.1.1)
      facter (~> 1.6)
      hiera (~> 1.0)
    rake (10.0.4)

PLATFORMS
  ruby

DEPENDENCIES
  mina
  pit
  puppet
