GEM
  remote: https://rubygems.org/
  specs:
    capistrano (2.14.2)
      highline
      net-scp (>= 1.0.0)
      net-sftp (>= 2.0.0)
      net-ssh (>= 2.0.14)
      net-ssh-gateway (>= 1.1.0)
    capistrano_colors (0.5.5)
    facter (1.6.18)
    hiera (1.1.2)
      json_pure
    highline (1.6.16)
    json_pure (1.7.7)
    net-scp (1.1.0)
      net-ssh (>= 2.6.5)
    net-sftp (2.1.1)
      net-ssh (>= 2.6.5)
    net-ssh (2.6.6)
    net-ssh-gateway (1.2.0)
      net-ssh (>= 2.6.5)
    pit (0.0.7)
    puppet (3.1.1)
      facter (~> 1.6)
      hiera (~> 1.0)

PLATFORMS
  ruby

DEPENDENCIES
  capistrano
  capistrano_colors
  pit
  puppet
