GEM
  remote: https://rubygems.org/
  specs:
    facter (1.7.1)
    hiera (1.2.1)
      json_pure
    json_pure (1.8.0)
    mina (0.2.1)
      open4
      rake
    open4 (1.3.0)
    pit (0.0.7)
    puppet (3.2.2)
      facter (~> 1.6)
      hiera (~> 1.0)
      rgen (~> 0.6)
    rake (10.1.0)
    rgen (0.6.5)

PLATFORMS
  ruby

DEPENDENCIES
  mina
  pit
  puppet
