GEM
  remote: https://rubygems.org/
  specs:
    concurrent-ruby (1.1.10)
    deep_merge (1.2.2)
    facter (4.2.10)
      hocon (~> 1.3)
      thor (>= 1.0.1, < 2.0)
    fast_gettext (1.8.0)
    hiera (3.9.0)
    hocon (1.3.1)
    httpclient (2.8.3)
    locale (2.1.3)
    mina (0.3.0)
      open4
      rake
    multi_json (1.15.0)
    open4 (1.3.0)
    pit (0.0.7)
    puppet (6.25.1)
      concurrent-ruby (~> 1.0)
      deep_merge (~> 1.0)
      facter (> 2.0.1, < 5)
      fast_gettext (~> 1.1)
      hiera (>= 3.2.1, < 4)
      httpclient (~> 2.8)
      locale (~> 2.1)
      multi_json (~> 1.10)
      puppet-resource_api (~> 1.5)
      semantic_puppet (~> 1.0)
    puppet-resource_api (1.8.14)
      hocon (>= 1.0)
    rake (10.1.1)
    semantic_puppet (1.0.4)
    thor (1.2.1)

PLATFORMS
  ruby

DEPENDENCIES
  mina
  pit
  puppet
