GEM
  remote: https://rubygems.org/
  specs:
    blurhash (0.1.6)
      ffi (~> 1.14)
    ffi (1.15.5)

PLATFORMS
  arm64-darwin-22

DEPENDENCIES
  blurhash (~> 0.1.6)

BUNDLED WITH
   2.4.1
