GEM
  remote: https://rubygems.org/
  specs:
    minitest (5.25.1)
    psych (5.2.0.beta1)
      stringio
    stringio (3.1.1)

PLATFORMS
  arm64-darwin-24
  ruby

DEPENDENCIES
  minitest
  psych (= 5.2.0.beta1)

BUNDLED WITH
   2.6.0.dev
