GEM
  remote: https://rubygems.org/
  specs:
    openssl (2.0.4)

PLATFORMS
  ruby

DEPENDENCIES
  openssl (= 2.0.4)

BUNDLED WITH
   1.15.4
