GEM
  remote: https://rubygems.org/
  specs:
    openssl (3.0.0)

PLATFORMS
  ruby

DEPENDENCIES
  openssl (= 3.0.0)

BUNDLED WITH
   1.15.4
