GEM
  remote: https://rubygems.org/
  specs:
    openssl (2.0.9)

PLATFORMS
  ruby

DEPENDENCIES
  openssl (= 2.0.9)

BUNDLED WITH
   1.15.4
