PATH
  remote: .
  specs:
    gem-clone (0.1.0)
      json
      net-http

GEM
  remote: https://rubygems.org/
  specs:
    json (2.12.2)
    minitest (5.25.5)
    net-http (0.6.0)
      uri
    rake (13.3.0)
    uri (1.0.3)

PLATFORMS
  arm64-darwin-24
  ruby

DEPENDENCIES
  gem-clone!
  minitest
  rake

BUNDLED WITH
   2.7.0.dev
