GEM
  remote: https://rubygems.org/
  specs:
    bake (0.18.2)
      samovar (~> 2.1)
    console (1.23.2)
      fiber-annotation
      fiber-local
    fiber-annotation (0.2.0)
    fiber-local (1.0.0)
    mapping (1.1.1)
    samovar (2.2.0)
      console (~> 1.0)
      mapping (~> 1.0)

PLATFORMS
  arm64-darwin-23

DEPENDENCIES
  bake (~> 0.18.2)

CHECKSUMS
  bake (0.18.2) sha256=57b8e303b241d3269f55b2c27087744a4e02337e0ba3bae4c63d246d71fd314f
  console (1.23.2) sha256=1ca817f6c2e9a69f61bc9459e53a4f25bca4ca54e7859d56490c3d4c926c1c94
  fiber-annotation (0.2.0) sha256=7abfadf1d119f508867d4103bf231c0354d019cc39a5738945dec2edadaf6c03
  fiber-local (1.0.0) sha256=29379a0bc0c42792f8a06df6da82f0f2bda98aad17ac9f168bea3097c0ea3def
  mapping (1.1.1) sha256=c677c3a343960feafbfac8434300d1ad88817b7d6e969aead45ba8807f2af2b9
  samovar (2.2.0) sha256=55e152654639adbfaa49557471f2f8c1412287da7306953699c5d40b46e289b5

BUNDLED WITH
   2.5.0.dev
