GEM
  remote: https://rubygems.org/
  specs:
    rexml (3.2.5)
    rss (0.2.9)
      rexml

PLATFORMS
  arm64-darwin-23

DEPENDENCIES
  rss

BUNDLED WITH
   2.5.0.dev
