GEM
  remote: https://rubygems.org/
  specs:
    addressable (2.7.0)
      public_suffix (>= 2.0.2, < 5.0)
    aws-eventstream (1.1.0)
    aws-partitions (1.322.0)
    aws-sdk-core (3.97.0)
      aws-eventstream (~> 1, >= 1.0.2)
      aws-partitions (~> 1, >= 1.239.0)
      aws-sigv4 (~> 1.1)
      jmespath (~> 1.0)
    aws-sdk-route53 (1.35.0)
      aws-sdk-core (~> 3, >= 3.71.0)
      aws-sigv4 (~> 1.1)
    aws-sigv4 (1.1.4)
      aws-eventstream (~> 1.0, >= 1.0.2)
    bcrypt_pbkdf (1.0.1)
    diffy (3.3.0)
    dnsruby (1.61.3)
      addressable (~> 2.5)
    ed25519 (1.2.4)
    ffi (1.13.0)
    hashie (4.1.0)
    jmespath (1.4.0)
    kramdown (2.3.0)
      rexml
    macaddr (1.7.2)
      systemu (~> 2.6.5)
    mina (1.2.3)
      open4 (~> 1.3.4)
      rake
    net-scp (3.0.0)
      net-ssh (>= 2.6.5, < 7.0.0)
    net-ssh (6.0.2)
    open4 (1.3.4)
    public_suffix (4.0.5)
    rake (13.0.1)
    rbnacl (7.1.1)
      ffi
    rbnacl-libsodium (1.0.16)
      rbnacl (>= 3.0.1)
    rexml (3.2.4)
    roadworker (0.5.12)
      aws-sdk-route53 (>= 1.22.0)
      diffy
      dnsruby
      hashie
      systemu
      term-ansicolor
      uuid
    sassc (2.4.0)
      ffi (~> 1.9)
    sync (0.5.0)
    systemu (2.6.5)
    term-ansicolor (1.7.1)
      tins (~> 1.0)
    tins (1.25.0)
      sync
    uuid (2.3.9)
      macaddr (~> 1.0)

PLATFORMS
  ruby

DEPENDENCIES
  bcrypt_pbkdf
  ed25519
  kramdown
  mina
  net-scp
  rake
  rbnacl (< 8.0)
  rbnacl-libsodium
  roadworker (~> 0.5.10)
  sassc

BUNDLED WITH
   2.1.4
