GEM
  remote: https://rubygems.org/
  specs:
    aws-sdk (2.10.7)
      aws-sdk-resources (= 2.10.7)
    aws-sdk-core (2.10.7)
      aws-sigv4 (~> 1.0)
      jmespath (~> 1.0)
    aws-sdk-resources (2.10.7)
      aws-sdk-core (= 2.10.7)
    aws-sigv4 (1.0.0)
    bcrypt_pbkdf (1.0.0)
    diffy (3.2.0)
    ffi (1.9.18)
    hashie (3.5.5)
    jmespath (1.3.1)
    kramdown (1.14.0)
    macaddr (1.7.1)
      systemu (~> 2.6.2)
    mina (1.0.6)
      open4 (~> 1.3.4)
      rake
    net-dns2 (0.8.7)
      packetfu
    net-scp (1.2.1)
      net-ssh (>= 2.6.5)
    net-ssh (4.1.0)
    open4 (1.3.4)
    packetfu (1.1.13)
      pcaprub
    pcaprub (0.12.4)
    rake (12.0.0)
    rbnacl (3.4.0)
      ffi
    rbnacl-libsodium (1.0.11)
      rbnacl (>= 3.0.1)
    roadworker (0.5.8)
      aws-sdk (>= 2.2.34)
      diffy
      hashie
      net-dns2 (~> 0.8.6)
      systemu
      term-ansicolor
      uuid
    sass (3.4.24)
    sassc (1.11.2)
      bundler
      ffi (~> 1.9.6)
      sass (>= 3.3.0)
    systemu (2.6.5)
    term-ansicolor (1.6.0)
      tins (~> 1.0)
    tins (1.15.0)
    uuid (2.3.8)
      macaddr (~> 1.0)

PLATFORMS
  ruby

DEPENDENCIES
  bcrypt_pbkdf
  kramdown
  mina
  net-scp
  rake
  rbnacl (< 4.0)
  rbnacl-libsodium
  roadworker
  sassc

BUNDLED WITH
   1.15.1
