GEM
  remote: https://rubygems.org/
  specs:
    addressable (2.5.2)
      public_suffix (>= 2.0.2, < 4.0)
    aws-eventstream (1.0.1)
    aws-partitions (1.131.0)
    aws-sdk-core (3.45.0)
      aws-eventstream (~> 1.0)
      aws-partitions (~> 1.0)
      aws-sigv4 (~> 1.0)
      jmespath (~> 1.0)
    aws-sdk-route53 (1.17.0)
      aws-sdk-core (~> 3, >= 3.39.0)
      aws-sigv4 (~> 1.0)
    aws-sigv4 (1.0.3)
    bcrypt_pbkdf (1.0.0)
    diffy (3.3.0)
    dnsruby (1.61.2)
      addressable (~> 2.5)
    ed25519 (1.2.4)
    ffi (1.9.25)
    hashie (3.6.0)
    jmespath (1.4.0)
    kramdown (2.1.0)
    macaddr (1.7.1)
      systemu (~> 2.6.2)
    mina (1.2.3)
      open4 (~> 1.3.4)
      rake
    net-scp (1.2.1)
      net-ssh (>= 2.6.5)
    net-ssh (5.1.0)
    open4 (1.3.4)
    public_suffix (3.0.3)
    rake (12.3.2)
    rbnacl (6.0.1)
      ffi
    rbnacl-libsodium (1.0.16)
      rbnacl (>= 3.0.1)
    roadworker (0.5.9)
      aws-sdk-route53 (>= 1.13.0)
      diffy
      dnsruby
      hashie
      systemu
      term-ansicolor
      uuid
    sassc (2.0.0)
      ffi (~> 1.9.6)
      rake
    systemu (2.6.5)
    term-ansicolor (1.7.0)
      tins (~> 1.0)
    tins (1.20.2)
    uuid (2.3.9)
      macaddr (~> 1.0)

PLATFORMS
  ruby

DEPENDENCIES
  bcrypt_pbkdf
  ed25519
  kramdown
  mina
  net-scp
  rake
  rbnacl (< 7.0)
  rbnacl-libsodium
  roadworker (~> 0.5.9)
  sassc

BUNDLED WITH
   1.17.3
