GEM
  remote: https://rubygems.org/
  specs:
    addressable (2.6.0)
      public_suffix (>= 2.0.2, < 4.0)
    aws-eventstream (1.0.3)
    aws-partitions (1.203.0)
    aws-sdk-core (3.63.0)
      aws-eventstream (~> 1.0, >= 1.0.2)
      aws-partitions (~> 1.0)
      aws-sigv4 (~> 1.1)
      jmespath (~> 1.0)
    aws-sdk-route53 (1.29.0)
      aws-sdk-core (~> 3, >= 3.61.1)
      aws-sigv4 (~> 1.1)
    aws-sigv4 (1.1.0)
      aws-eventstream (~> 1.0, >= 1.0.2)
    bcrypt_pbkdf (1.0.1)
    diffy (3.3.0)
    dnsruby (1.61.3)
      addressable (~> 2.5)
    ed25519 (1.2.4)
    ffi (1.11.1)
    hashie (3.6.0)
    jmespath (1.4.0)
    kramdown (2.1.0)
    macaddr (1.7.2)
      systemu (~> 2.6.5)
    mina (1.2.3)
      open4 (~> 1.3.4)
      rake
    net-scp (2.0.0)
      net-ssh (>= 2.6.5, < 6.0.0)
    net-ssh (5.2.0)
    open4 (1.3.4)
    public_suffix (3.1.1)
    rake (13.0.1)
    rbnacl (7.1.0)
      ffi
    rbnacl-libsodium (1.0.16)
      rbnacl (>= 3.0.1)
    roadworker (0.5.12)
      aws-sdk-route53 (>= 1.22.0)
      diffy
      dnsruby
      hashie
      systemu
      term-ansicolor
      uuid
    sassc (2.2.0)
      ffi (~> 1.9)
    systemu (2.6.5)
    term-ansicolor (1.7.1)
      tins (~> 1.0)
    tins (1.21.1)
    uuid (2.3.9)
      macaddr (~> 1.0)

PLATFORMS
  ruby

DEPENDENCIES
  bcrypt_pbkdf
  ed25519
  kramdown
  mina
  net-scp
  rake
  rbnacl (< 8.0)
  rbnacl-libsodium
  roadworker (~> 0.5.10)
  sassc

BUNDLED WITH
   1.17.3
