GEM
  remote: https://rubygems.org/
  specs:
    aws-sdk (2.6.39)
      aws-sdk-resources (= 2.6.39)
    aws-sdk-core (2.6.39)
      aws-sigv4 (~> 1.0)
      jmespath (~> 1.0)
    aws-sdk-resources (2.6.39)
      aws-sdk-core (= 2.6.39)
    aws-sigv4 (1.0.0)
    diffy (3.1.0)
    hashie (3.4.6)
    jmespath (1.3.1)
    kramdown (1.13.1)
    macaddr (1.7.1)
      systemu (~> 2.6.2)
    mina (1.0.6)
      open4 (~> 1.3.4)
      rake
    net-dns2 (0.8.7)
      packetfu
    net-scp (1.2.1)
      net-ssh (>= 2.6.5)
    net-ssh (3.2.0)
    network_interface (0.0.1)
    open4 (1.3.4)
    packetfu (1.1.11)
      network_interface (~> 0.0)
      pcaprub (~> 0.12)
    pcaprub (0.12.4)
    rake (12.0.0)
    roadworker (0.5.7)
      aws-sdk (>= 2.2.34)
      diffy
      hashie
      net-dns2 (~> 0.8.6)
      systemu
      term-ansicolor
      uuid
    systemu (2.6.5)
    term-ansicolor (1.4.0)
      tins (~> 1.0)
    tins (1.13.0)
    uuid (2.3.8)
      macaddr (~> 1.0)

PLATFORMS
  ruby

DEPENDENCIES
  kramdown
  mina
  net-scp
  rake
  roadworker

BUNDLED WITH
   1.13.6
