GEM
  remote: https://rubygems.org/
  specs:
    aws-partitions (1.80.0)
    aws-sdk-core (3.19.0)
      aws-partitions (~> 1.0)
      aws-sigv4 (~> 1.0)
      jmespath (~> 1.0)
    aws-sdk-route53 (1.9.0)
      aws-sdk-core (~> 3)
      aws-sigv4 (~> 1.0)
    aws-sigv4 (1.0.2)
    bcrypt_pbkdf (1.0.0)
    diffy (3.2.0)
    ffi (1.9.23)
    hashie (3.5.7)
    jmespath (1.4.0)
    kramdown (1.16.2)
    macaddr (1.7.1)
      systemu (~> 2.6.2)
    mina (1.2.3)
      open4 (~> 1.3.4)
      rake
    net-dns2 (0.8.7)
      packetfu
    net-scp (1.2.1)
      net-ssh (>= 2.6.5)
    net-ssh (4.2.0)
    open4 (1.3.4)
    packetfu (1.1.13)
      pcaprub
    pcaprub (0.12.4)
    rake (12.3.1)
    rb-fsevent (0.10.3)
    rb-inotify (0.9.10)
      ffi (>= 0.5.0, < 2)
    rbnacl (5.0.0)
      ffi
    rbnacl-libsodium (1.0.16)
      rbnacl (>= 3.0.1)
    roadworker (0.5.9.beta7)
      aws-sdk-route53 (~> 1)
      diffy
      hashie
      net-dns2 (~> 0.8.6)
      systemu
      term-ansicolor
      uuid
    sass (3.5.5)
      sass-listen (~> 4.0.0)
    sass-listen (4.0.0)
      rb-fsevent (~> 0.9, >= 0.9.4)
      rb-inotify (~> 0.9, >= 0.9.7)
    sassc (1.11.4)
      bundler
      ffi (~> 1.9.6)
      sass (>= 3.3.0)
    systemu (2.6.5)
    term-ansicolor (1.6.0)
      tins (~> 1.0)
    tins (1.16.3)
    uuid (2.3.8)
      macaddr (~> 1.0)

PLATFORMS
  ruby

DEPENDENCIES
  bcrypt_pbkdf
  kramdown
  mina
  net-scp
  rake
  rbnacl (< 6.0)
  rbnacl-libsodium
  roadworker (~> 0.5.9.beta7)
  sassc

BUNDLED WITH
   1.16.1
