GEM
  remote: https://rubygems.org/
  specs:
    aws-sdk (1.39.0)
      json (~> 1.4)
      nokogiri (>= 1.4.4)
    json (1.8.1)
    macaddr (1.7.1)
      systemu (~> 2.6.2)
    mini_portile (0.6.0)
    net-dns (0.8.0)
    nokogiri (1.6.2.1)
      mini_portile (= 0.6.0)
    roadworker (0.4.4)
      aws-sdk (= 1.39.0)
      net-dns (~> 0.8.0)
      systemu
      term-ansicolor
      uuid
    systemu (2.6.4)
    term-ansicolor (1.3.0)
      tins (~> 1.0)
    tins (1.3.0)
    uuid (2.3.7)
      macaddr (~> 1.0)

PLATFORMS
  ruby

DEPENDENCIES
  roadworker
